PATH
  remote: .
  specs:
    caruby-scat (1.2.1)
      bundler
      caruby-small
      haml
      jruby-openssl
      rack
      redis
      redis-store
      sinatra

PATH
  remote: /Users/loneyf/workspace/caruby/core
  specs:
    caruby-core (2.1.3)
      bundler
      jinx (~> 2.1.1)
      jinx-json (~> 2.1.1)
      jinx-migrate (>= 2.1.1)
      rdbi

PATH
  remote: /Users/loneyf/workspace/caruby/small
  specs:
    caruby-small (1.1.2)
      bundler
      caruby-tissue (>= 2.1.5)
      jruby-openssl
      rack
      sinatra
      sinatra-authorization

PATH
  remote: /Users/loneyf/workspace/caruby/tissue
  specs:
    caruby-tissue (2.1.5)
      bundler
      caruby-core (>= 2.1.1)
      uom (>= 1.2.2)

PATH
  remote: /Users/loneyf/workspace/jinx/core
  specs:
    jinx (2.1.3)
      bundler

PATH
  remote: /Users/loneyf/workspace/jinx/json
  specs:
    jinx-json (2.1.3)
      bundler
      jinx
      json_pure

GEM
  remote: http://rubygems.org/
  specs:
    addressable (2.2.8)
    bouncy-castle-java (1.5.0146.1)
    builder (3.0.0)
    capybara (1.1.2)
      mime-types (>= 1.16)
      nokogiri (>= 1.3.3)
      rack (>= 1.0.0)
      rack-test (>= 0.5.4)
      selenium-webdriver (~> 2.0)
      xpath (~> 0.1.4)
    childprocess (0.3.3)
      ffi (~> 1.0.6)
    columnize (0.3.6)
    cucumber (1.2.1)
      builder (>= 2.1.2)
      diff-lcs (>= 1.1.3)
      gherkin (~> 2.11.0)
      json (>= 1.4.6)
    diff-lcs (1.1.3)
    epoxy (0.3.1)
    extensional (1.3.1)
    fastercsv (1.5.5)
    ffi (1.0.11-java)
    gherkin (2.11.1-java)
      json (>= 1.4.6)
    haml (3.1.6)
    jinx-migrate (2.1.2)
      bundler
      fastercsv
      rack
    jruby-openssl (0.7.7)
      bouncy-castle-java (>= 1.5.0146.1)
    json (1.7.3-java)
    json_pure (1.7.3)
    launchy (2.1.0-java)
      addressable (~> 2.2.6)
      ffi (~> 1.0.9)
      spoon (~> 0.0.1)
    libwebsocket (0.1.4)
      addressable
    methlab (0.1.0)
    mime-types (1.19)
    multi_json (1.3.6)
    nokogiri (1.5.5-java)
    rack (1.4.1)
    rack-test (0.6.1)
      rack (>= 1.0)
    rake (0.9.2.2)
    rdbi (0.9.1)
      epoxy (>= 0.3.1)
      methlab (>= 0.0.9)
      typelib
    redis (3.0.1)
    redis-store (1.1.1)
      redis (>= 2.2.0)
    rspec (2.11.0)
      rspec-core (~> 2.11.0)
      rspec-expectations (~> 2.11.0)
      rspec-mocks (~> 2.11.0)
    rspec-core (2.11.0)
    rspec-expectations (2.11.1)
      diff-lcs (~> 1.1.3)
    rspec-mocks (2.11.1)
    ruby-debug (0.10.4)
      columnize (>= 0.1)
      ruby-debug-base (~> 0.10.4.0)
    ruby-debug-base (0.10.4-java)
    rubyzip (0.9.9)
    selenium-webdriver (2.24.0)
      childprocess (>= 0.2.5)
      libwebsocket (~> 0.1.3)
      multi_json (~> 1.0)
      rubyzip
    shotgun (0.9)
      rack (>= 1.0)
    sinatra (1.2.6)
      rack (~> 1.1)
      tilt (>= 1.2.2, < 2.0)
    sinatra-authorization (1.0.0)
      sinatra (>= 0.9.1.1)
    spoon (0.0.1)
    tilt (1.3.3)
    typelib (0.1.0)
    uom (1.2.2)
      extensional
    xpath (0.1.4)
      nokogiri (~> 1.3)
    yard (0.8.2.1)

PLATFORMS
  java

DEPENDENCIES
  capybara
  caruby-core!
  caruby-scat!
  caruby-small!
  caruby-tissue!
  cucumber
  jinx!
  jinx-json!
  launchy
  rack-test
  rake
  rspec (>= 2.6)
  ruby-debug
  shotgun
  sinatra (= 1.2.6)
  yard
